GEM
  remote: http://rubygems.org/
  specs:
    aaronh-chronic (0.3.9)
    actionmailer (2.3.14)
      actionpack (= 2.3.14)
    actionpack (2.3.14)
      activesupport (= 2.3.14)
      rack (~> 1.1.0)
    activerecord (2.3.14)
      activesupport (= 2.3.14)
    activeresource (2.3.14)
      activesupport (= 2.3.14)
    activesupport (2.3.14)
    after_commit (1.0.10)
      activerecord (>= 1.15.6, < 3.0.0)
    bio (1.4.2)
    chronic (0.2.3)
      hoe (>= 1.2.1)
    columnize (0.3.6)
    fakeweb (1.3.0)
    haml (3.1.6)
    hoe (3.0.6)
      rake (~> 0.8)
    i18n (0.6.0)
    json (1.7.3)
    linecache (0.46)
      rbx-require-relative (> 0.0.4)
    mime-types (1.19)
    multi_json (1.3.6)
    mysql (2.8.1)
    nokogiri (1.5.4)
    polyglot (0.3.3)
    progressbar (0.11.0)
    pubmed_search (0.4.0)
      nokogiri
    rack (1.1.3)
    rails (2.3.14)
      actionmailer (= 2.3.14)
      actionpack (= 2.3.14)
      activerecord (= 2.3.14)
      activeresource (= 2.3.14)
      activesupport (= 2.3.14)
      rake (>= 0.8.3)
    rake (0.9.2.2)
    rbx-require-relative (0.0.9)
    redis (2.2.2)
    redis-namespace (1.0.3)
      redis (< 3.0.0)
    resque (1.20.0)
      multi_json (~> 1.0)
      redis-namespace (~> 1.0.2)
      sinatra (>= 0.9.2)
      vegas (~> 0.1.2)
    rest-client (1.6.7)
      mime-types (>= 1.16)
    rspec (1.3.2)
    rspec-rails (1.3.4)
      rack (>= 1.0.0)
      rspec (~> 1.3.1)
    ruby-debug (0.10.4)
      columnize (>= 0.1)
      ruby-debug-base (~> 0.10.4.0)
    ruby-debug-base (0.10.4)
      linecache (>= 0.3)
    sinatra (1.2.8)
      rack (~> 1.1)
      tilt (>= 1.2.2, < 2.0)
    system_timer (1.2.4)
    tilt (1.3.3)
    treetop (1.4.10)
      polyglot
      polyglot (>= 0.3.1)
    vegas (0.1.11)
      rack (>= 1.0.0)
    whenever (0.6.8)
      aaronh-chronic (>= 0.3.9)
      activesupport (>= 2.3.4)
    will_paginate (3.0.3)

PLATFORMS
  ruby

DEPENDENCIES
  after_commit
  bio
  chronic (= 0.2.3)
  fakeweb
  haml
  i18n
  json
  mysql
  nokogiri
  progressbar
  pubmed_search
  rails (= 2.3.14)
  redis (= 2.2.2)
  resque (~> 1.20.0)
  rest-client
  rspec (= 1.3.2)
  rspec-rails (= 1.3.4)
  ruby-debug
  system_timer
  treetop
  whenever
  will_paginate (>= 2.3.1)
