GEM
  remote: http://rubygems.org/
  specs:
    actionmailer (2.3.3)
      actionpack (= 2.3.3)
    actionpack (2.3.3)
      activesupport (= 2.3.3)
      rack (~> 1.0.0)
    activerecord (2.3.3)
      activesupport (= 2.3.3)
    activeresource (2.3.3)
      activesupport (= 2.3.3)
    activesupport (2.3.3)
    bio (1.4.2)
    bunny (0.6.0)
    chronic (0.2.3)
      hoe (>= 1.2.1)
    daemons (1.1.8)
    diff-lcs (1.1.3)
    eventmachine (0.12.10)
    haml (3.1.4)
    hoe (2.13.1)
      rake (~> 0.8)
    json (1.6.5)
    memcache-client (1.8.5)
    mysql (2.8.1)
    nokogiri (1.5.0)
    packet (0.1.5)
    polyglot (0.3.3)
    progressbar (0.10.0)
    pubmed_search (0.4.0)
      nokogiri
    rack (1.0.1)
    rails (2.3.3)
      actionmailer (= 2.3.3)
      actionpack (= 2.3.3)
      activerecord (= 2.3.3)
      activeresource (= 2.3.3)
      activesupport (= 2.3.3)
      rake (>= 0.8.3)
    rake (0.9.2.2)
    redis (0.1.2)
    rspec (2.1.0)
      rspec-core (~> 2.1.0)
      rspec-expectations (~> 2.1.0)
      rspec-mocks (~> 2.1.0)
    rspec-core (2.1.0)
    rspec-expectations (2.1.0)
      diff-lcs (~> 1.1.2)
    rspec-mocks (2.1.0)
    rspec-rails (2.1.0)
      rspec (~> 2.1.0)
    treetop (1.4.10)
      polyglot
      polyglot (>= 0.3.1)
    will_paginate (3.0.3)

PLATFORMS
  ruby

DEPENDENCIES
  bio
  bunny (= 0.6.0)
  chronic (= 0.2.3)
  daemons
  eventmachine
  haml
  json
  memcache-client
  mysql
  nokogiri
  packet (= 0.1.5)
  progressbar
  pubmed_search
  rails (= 2.3.3)
  redis (= 0.1.2)
  rspec-rails
  treetop
  will_paginate (>= 2.3.1)
