GEM
  remote: http://rubygems.org/
  specs:
    actionmailer (2.3.4)
      actionpack (= 2.3.4)
    actionpack (2.3.4)
      activesupport (= 2.3.4)
      rack (~> 1.0.0)
    activerecord (2.3.4)
      activesupport (= 2.3.4)
    activeresource (2.3.4)
      activesupport (= 2.3.4)
    activesupport (2.3.4)
    bio (1.4.2)
    bunny (0.6.0)
    chronic (0.2.3)
      hoe (>= 1.2.1)
    columnize (0.3.6)
    daemons (1.1.8)
    eventmachine (0.12.10)
    haml (3.1.4)
    hoe (3.0.3)
      rake (~> 0.8)
    json (1.7.0)
    linecache (0.46)
      rbx-require-relative (> 0.0.4)
    memcache-client (1.8.5)
    mysql (2.8.1)
    nokogiri (1.5.2)
    packet (0.1.5)
    polyglot (0.3.3)
    progressbar (0.11.0)
    pubmed_search (0.4.0)
      nokogiri
    rack (1.0.1)
    rails (2.3.4)
      actionmailer (= 2.3.4)
      actionpack (= 2.3.4)
      activerecord (= 2.3.4)
      activeresource (= 2.3.4)
      activesupport (= 2.3.4)
      rake (>= 0.8.3)
    rake (0.9.2.2)
    rbx-require-relative (0.0.9)
    redis (0.1.2)
    rspec (1.3.2)
    rspec-rails (1.3.4)
      rack (>= 1.0.0)
      rspec (~> 1.3.1)
    ruby-debug (0.10.4)
      columnize (>= 0.1)
      ruby-debug-base (~> 0.10.4.0)
    ruby-debug-base (0.10.4)
      linecache (>= 0.3)
    treetop (1.4.10)
      polyglot
      polyglot (>= 0.3.1)
    will_paginate (3.0.3)

PLATFORMS
  ruby

DEPENDENCIES
  bio
  bunny (= 0.6.0)
  chronic (= 0.2.3)
  daemons
  eventmachine
  haml
  json
  memcache-client
  mysql
  nokogiri
  packet (= 0.1.5)
  progressbar
  pubmed_search
  rails (= 2.3.4)
  redis (= 0.1.2)
  rspec-rails (= 1.3.4)
  ruby-debug
  treetop
  will_paginate (>= 2.3.1)
